RESTRICTION: == net471
NUGET
  remote: https://api.nuget.org/v3/index.json
    Aardvark.Base (4.0.13)
      Aardvark.Base.Telemetry (4.0.13)
      DevILSharp (>= 0.2.4 < 0.3)
      System.Collections.Immutable (>= 1.4)
    Aardvark.Base.Essentials (4.0.13)
      Aardvark.Base (4.0.13)
      DevILSharp (>= 0.2.4 < 0.3)
      System.Collections.Immutable (>= 1.4)
      System.Reactive (>= 4.0.0-preview00001 < 4.1.0-preview)
    Aardvark.Base.FSharp (4.0.13)
      Aardvark.Base (4.0.13)
      Aardvark.Base.TypeProviders (4.0.13)
      DevILSharp (>= 0.2.4 < 0.3)
      FSharp.Core (>= 4.3 < 4.4)
      System.Dynamic.Runtime (>= 4.3 < 4.4)
    Aardvark.Base.Incremental (4.0.13)
      Aardvark.Base (4.0.13)
      Aardvark.Base.FSharp (4.0.13)
      Aardvark.Base.TypeProviders (4.0.13)
      DevILSharp (>= 0.2.4 < 0.3)
      FSharp.Core (>= 4.3 < 4.4)
    Aardvark.Base.Rendering (4.1.13)
      Aardvark.Base.Essentials (>= 4.0.11 < 4.1)
      Aardvark.Base.Incremental (>= 4.0.11 < 4.1)
      FShade.Core (>= 4.0.2 < 4.1)
      FSharp.Core (>= 4.3 < 4.4)
    Aardvark.Base.Telemetry (4.0.13)
    Aardvark.Base.TypeProviders (4.0.13)
      FSharp.Core (>= 4.3 < 4.4)
    FSharp.Core (4.3.4)
    FsPickler (5.2)
      FSharp.Core (>= 3.1.2)
    System.Collections.Immutable (1.5)
    System.Dynamic.Runtime (4.3)
    System.Reactive (4.0)
  remote: https://vrvis.myget.org/F/aardvark_public/api/v3/index.json
    Aardvark.Base.IO (4.0.13)
      Aardvark.Base (4.0.13)
      DevILSharp (>= 0.2.4 < 0.3)
      System.Dynamic.Runtime (>= 4.3 < 4.4)
    Aardvark.Base.Runtime (4.0.13)
      Aardvark.Base.FSharp (4.0.13)
      Aardvark.Base.Incremental (4.0.13)
      Aardvark.Base.TypeProviders (4.0.13)
      DevILSharp (>= 0.2.4 < 0.3)
      FSharp.Core (>= 4.3 < 4.4)
    DevILSharp (0.2.4)
      FSharp.Core (>= 4.3 < 4.4)
    FShade.Core (4.0.2)
      Aardvark.Base (>= 4.0 < 4.1)
      Aardvark.Base.FSharp (>= 4.0 < 4.1)
      FShade.Imperative (4.0.2)
      FSharp.Core (>= 4.3 < 4.4)
    FShade.Imperative (4.0.2)
      Aardvark.Base (>= 4.0 < 4.1)
      Aardvark.Base.FSharp (>= 4.0 < 4.1)
      FSharp.Core (>= 4.3 < 4.4)
      FsPickler (>= 5.2 < 5.3)
  remote: https://vrvis.myget.org/F/aardvark/api/v3/index.json
    Aardvark.VRVis.Base (4.0.8)
      Aardvark.Base (>= 4.0.11 < 4.1)
      Aardvark.Base.Essentials (>= 4.0.11 < 4.1)
      Aardvark.Base.IO (>= 4.0.11 < 4.1)
      System.Reactive (>= 4.0.0-preview00001 < 4.1.0-preview)
